GEM
  remote: https://rubygems.org/
  specs:
    ansi (1.5.0)
    ast (2.1.0)
    bosh_common (1.3262.1)
      logging (~> 1.8.2)
      semi_semantic (~> 1.2.0)
    bosh_cpi (1.3262.1)
      bosh_common (~> 1.3262.1)
      logging (~> 1.8.2)
      membrane (~> 1.1.0)
    builder (3.1.4)
    diff-lcs (1.2.5)
    docile (1.1.5)
    domain_name (0.5.20161021)
      unf (>= 0.0.5, < 1.0.0)
    fakefs (0.6.7)
    ffi (1.9.18-x64-mingw32)
    http-cookie (1.0.3)
      domain_name (~> 0.5)
    httpclient (2.7.1)
    json (1.8.3)
    little-plugger (1.1.4)
    logging (1.8.2)
      little-plugger (>= 1.1.3)
      multi_json (>= 1.8.4)
    membrane (1.1.0)
    mime-types (2.99.3)
    mini_portile2 (2.1.0)
    mono_logger (1.1.0)
    multi_json (1.12.1)
    netrc (0.11.0)
    nokogiri (1.7.0.1)
      mini_portile2 (~> 2.1.0)
    nokogiri (1.7.0.1-x64-mingw32)
      mini_portile2 (~> 2.1.0)
    oga (2.3)
      ast
      ruby-ll (~> 2.1)
    parallel (1.9.0)
    parallel_tests (2.7.0)
      parallel
    rack (1.6.4)
    rake (10.4.2)
    rest-client (1.8.0)
      http-cookie (>= 1.0.2, < 2.0)
      mime-types (>= 1.16, < 3.0)
      netrc (~> 0.7)
    rest-client (1.8.0-x64-mingw32)
      ffi (~> 1.9)
      http-cookie (>= 1.0.2, < 2.0)
      mime-types (>= 1.16, < 3.0)
      netrc (~> 0.7)
    rspec (3.3.0)
      rspec-core (~> 3.3.0)
      rspec-expectations (~> 3.3.0)
      rspec-mocks (~> 3.3.0)
    rspec-core (3.3.2)
      rspec-support (~> 3.3.0)
    rspec-expectations (3.3.1)
      diff-lcs (>= 1.2.0, < 2.0)
      rspec-support (~> 3.3.0)
    rspec-instafail (0.4.0)
      rspec
    rspec-its (1.2.0)
      rspec-core (>= 3.0.0)
      rspec-expectations (>= 3.0.0)
    rspec-mocks (3.3.2)
      diff-lcs (>= 1.2.0, < 2.0)
      rspec-support (~> 3.3.0)
    rspec-support (3.3.0)
    ruby-ll (2.1.2)
      ansi
      ast
    semi_semantic (1.2.0)
    simplecov (0.11.2)
      docile (~> 1.1.0)
      json (~> 1.8)
      simplecov-html (~> 0.10.0)
    simplecov-html (0.10.0)
    timecop (0.7.4)
    unf (0.1.4)
      unf_ext
    unf_ext (0.0.7.2)
    unf_ext (0.0.7.2-x64-mingw32)

PLATFORMS
  ruby
  x64-mingw32

DEPENDENCIES
  bosh_common
  bosh_cpi
  builder (~> 3.1.4)
  fakefs
  httpclient (= 2.7.1)
  membrane (~> 1.1.0)
  mono_logger (~> 1.1.0)
  nokogiri (~> 1.7.0.1)
  oga
  parallel_tests
  rack (~> 1.6.4)
  rake (~> 10.0)
  rest-client (~> 1.8)
  rspec (~> 3.0)
  rspec-instafail
  rspec-its
  simplecov
  timecop (~> 0.7.1)

BUNDLED WITH
   1.14.6
